GEM
  remote: https://rubygems.org/
  specs:
    builder (3.0.0)
    cucumber (1.2.0)
      builder (>= 2.1.2)
      diff-lcs (>= 1.1.3)
      gherkin (~> 2.10.0)
      json (>= 1.4.6)
    diff-lcs (1.1.3)
    frank-cucumber (0.8.14)
      cucumber
      i18n
      json
      plist
      rspec (>= 2.0)
      sim_launcher
    gherkin (2.10.0)
      json (>= 1.4.6)
    i18n (0.6.0)
    json (1.7.3)
    plist (3.1.0)
    rack (1.4.1)
    rack-protection (1.2.0)
      rack
    rspec (2.10.0)
      rspec-core (~> 2.10.0)
      rspec-expectations (~> 2.10.0)
      rspec-mocks (~> 2.10.0)
    rspec-core (2.10.1)
    rspec-expectations (2.10.0)
      diff-lcs (~> 1.1.3)
    rspec-mocks (2.10.1)
    sim_launcher (0.3.8)
      sinatra
    sinatra (1.3.2)
      rack (~> 1.3, >= 1.3.6)
      rack-protection (~> 1.2)
      tilt (~> 1.3, >= 1.3.3)
    tilt (1.3.3)

PLATFORMS
  ruby

DEPENDENCIES
  frank-cucumber (~> 0.8.14)
  rspec (~> 2.10.0)
